GIT
  remote: git://github.com/digitalfx/DataStore.git
  revision: 7d1f520e6c920d0827b6867c41b1d713e8f98ccc
  specs:
    DataStore (1.0)

GIT
  remote: git://github.com/digitalfx/crep.git
  revision: c65b6bb67659f05f4dae19ac35ddf3dacaace5fe
  specs:
    crep (1.0)

GEM
  remote: https://rubygems.org/
  specs:
    activesupport (4.2.0)
      i18n (~> 0.7)
      json (~> 1.7, >= 1.7.7)
      minitest (~> 5.1)
      thread_safe (~> 0.3, >= 0.3.4)
      tzinfo (~> 1.1)
    colored (1.2)
    i18n (0.7.0)
    ib (0.7.2)
      thor (~> 0.15.4)
      tilt (~> 1.4.1)
      xcodeproj (~> 0.17)
    json (1.8.2)
    minitest (5.5.1)
    rake (10.4.2)
    thor (0.15.4)
    thread_safe (0.3.4)
    tilt (1.4.1)
    tzinfo (1.2.2)
      thread_safe (~> 0.1)
    xcodeproj (0.21.2)
      activesupport (>= 3)
      colored (~> 1.2)

PLATFORMS
  ruby

DEPENDENCIES
  DataStore!
  crep!
  ib (>= 0.7.0)
  rake
